GEM
  remote: http://rubygems.org/
  specs:
    GeoRuby (1.3.4)
    POpen4 (0.1.4)
      Platform (>= 0.4.0)
      open4
    Platform (0.4.0)
    actionmailer (2.3.12)
      actionpack (= 2.3.12)
    actionpack (2.3.12)
      activesupport (= 2.3.12)
      rack (~> 1.1.0)
    activerecord (2.3.12)
      activesupport (= 2.3.12)
    activeresource (2.3.12)
      activesupport (= 2.3.12)
    activesupport (2.3.12)
    builder (3.0.0)
    cucumber (1.1.0)
      builder (>= 2.1.2)
      diff-lcs (>= 1.1.2)
      gherkin (~> 2.5.0)
      json (>= 1.4.6)
      term-ansicolor (>= 1.0.6)
    cucumber-rails (0.3.2)
      cucumber (>= 0.8.0)
    curb (0.7.15)
    database_cleaner (0.5.0)
    diff-lcs (1.1.3)
    gherkin (2.5.1)
      json (>= 1.4.6)
    json (1.6.1)
    nokogiri (1.5.0)
    open4 (1.0.1)
    pg (0.11.0)
    proj4rb (0.3.1)
    rack (1.1.2)
    rack-test (0.6.1)
      rack (>= 1.0)
    rails (2.3.12)
      actionmailer (= 2.3.12)
      actionpack (= 2.3.12)
      activerecord (= 2.3.12)
      activeresource (= 2.3.12)
      activesupport (= 2.3.12)
      rake (>= 0.8.3)
    rake (0.9.2)
    rdoc (3.9.4)
    rspec (1.3.1)
    rspec-rails (1.3.3)
      rack (>= 1.0.0)
      rspec (= 1.3.1)
    selenium-client (1.2.18)
    spatial_adapter (1.2.0)
      GeoRuby (>= 1.3.0)
      activerecord (>= 2.2.2)
    term-ansicolor (1.0.6)
    webrat (0.7.1)
      nokogiri (>= 1.2.0)
      rack (>= 1.0)
      rack-test (>= 0.5.3)

PLATFORMS
  ruby

DEPENDENCIES
  GeoRuby (= 1.3.4)
  POpen4 (= 0.1.4)
  Platform (= 0.4.0)
  cucumber-rails (= 0.3.2)
  curb (= 0.7.15)
  database_cleaner (= 0.5.0)
  json (= 1.6.1)
  open4 (= 1.0.1)
  pg (= 0.11.0)
  proj4rb (= 0.3.1)
  rack (= 1.1.2)
  rails (= 2.3.12)
  rdoc
  rspec-rails (= 1.3.3)
  selenium-client (= 1.2.18)
  spatial_adapter (= 1.2.0)
  webrat (= 0.7.1)
