GEM
  remote: http://rubygems.org/
  specs:
    GeoRuby (1.3.4)
    POpen4 (0.1.4)
      Platform (>= 0.4.0)
      open4
    Platform (0.4.0)
    actionmailer (2.3.8)
      actionpack (= 2.3.8)
    actionpack (2.3.8)
      activesupport (= 2.3.8)
      rack (~> 1.1.0)
    activerecord (2.3.8)
      activesupport (= 2.3.8)
    activeresource (2.3.8)
      activesupport (= 2.3.8)
    activesupport (2.3.8)
    curb (0.7.15)
    json (1.5.1)
    open4 (1.0.1)
    pg (0.10.1)
    proj4rb (0.3.1)
    rack (1.1.2)
    rails (2.3.8)
      actionmailer (= 2.3.8)
      actionpack (= 2.3.8)
      activerecord (= 2.3.8)
      activeresource (= 2.3.8)
      activesupport (= 2.3.8)
      rake (>= 0.8.3)
    rake (0.9.2)
    spatial_adapter (1.2.0)
      GeoRuby (>= 1.3.0)
      activerecord (>= 2.2.2)

PLATFORMS
  ruby

DEPENDENCIES
  GeoRuby (= 1.3.4)
  POpen4 (= 0.1.4)
  Platform (= 0.4.0)
  curb (= 0.7.15)
  json (= 1.5.1)
  open4 (= 1.0.1)
  pg (= 0.10.1)
  proj4rb (= 0.3.1)
  rails (= 2.3.8)
  spatial_adapter (= 1.2.0)
